GIT
  remote: https://github.com/padrino/padrino-framework
  revision: 9a38042351c9f5768231e94abca87bb1592cdcfa
  specs:
    padrino (0.16.0.pre3)
      padrino-admin (= 0.16.0.pre3)
      padrino-cache (= 0.16.0.pre3)
      padrino-core (= 0.16.0.pre3)
      padrino-gen (= 0.16.0.pre3)
      padrino-helpers (= 0.16.0.pre3)
      padrino-mailer (= 0.16.0.pre3)
      padrino-support (= 0.16.0.pre3)
    padrino-admin (0.16.0.pre3)
      padrino-core (= 0.16.0.pre3)
      padrino-helpers (= 0.16.0.pre3)
    padrino-cache (0.16.0.pre3)
      moneta (~> 1.6)
      padrino-core (= 0.16.0.pre3)
      padrino-helpers (= 0.16.0.pre3)
    padrino-core (0.16.0.pre3)
      padrino-support (= 0.16.0.pre3)
      rackup (~> 2.1)
      sinatra (~> 4)
      thor (~> 1.0)
    padrino-gen (0.16.0.pre3)
      bundler (>= 1.0, < 3)
      padrino-core (= 0.16.0.pre3)
    padrino-helpers (0.16.0.pre3)
      i18n (>= 0.6.7, < 2)
      padrino-support (= 0.16.0.pre3)
      tilt (>= 1.4.1, < 3)
    padrino-mailer (0.16.0.pre3)
      mail (~> 2.5)
      mime-types (< 4)
      padrino-core (= 0.16.0.pre3)
    padrino-support (0.16.0.pre3)

GEM
  remote: https://rubygems.org/
  specs:
    addressable (2.8.7)
      public_suffix (>= 2.0.2, < 7.0)
    base64 (0.2.0)
    coderay (1.1.3)
    concurrent-ruby (1.3.5)
    connection_pool (2.5.0)
    date (3.4.1)
    domain_name (0.6.20240107)
    http-cookie (1.0.8)
      domain_name (~> 0.5)
    i18n (1.14.7)
      concurrent-ruby (~> 1.0)
    logger (1.6.5)
    mail (2.8.1)
      mini_mime (>= 0.1.1)
      net-imap
      net-pop
      net-smtp
    mechanize (2.14.0)
      addressable (~> 2.8)
      base64
      domain_name (~> 0.5, >= 0.5.20190701)
      http-cookie (~> 1.0, >= 1.0.3)
      mime-types (~> 3.3)
      net-http-digest_auth (~> 1.4, >= 1.4.1)
      net-http-persistent (>= 2.5.2, < 5.0.dev)
      nkf
      nokogiri (~> 1.11, >= 1.11.2)
      rubyntlm (~> 0.6, >= 0.6.3)
      webrick (~> 1.7)
      webrobots (~> 0.1.2)
    method_source (1.1.0)
    mime-types (3.6.0)
      logger
      mime-types-data (~> 3.2015)
    mime-types-data (3.2025.0107)
    mini_mime (1.1.5)
    moneta (1.6.0)
    mustermann (3.0.3)
      ruby2_keywords (~> 0.0.1)
    net-http-digest_auth (1.4.1)
    net-http-persistent (4.0.5)
      connection_pool (~> 2.2)
    net-imap (0.5.5)
      date
      net-protocol
    net-pop (0.1.2)
      net-protocol
    net-protocol (0.2.2)
      timeout
    net-smtp (0.5.0)
    nkf (0.2.0)
    nokogiri (1.18.2-aarch64-linux-gnu)
      racc (~> 1.4)
    nokogiri (1.18.2-aarch64-linux-musl)
      racc (~> 1.4)
    nokogiri (1.18.2-arm-linux-gnu)
      racc (~> 1.4)
    nokogiri (1.18.2-arm-linux-musl)
      racc (~> 1.4)
    nokogiri (1.18.2-arm64-darwin)
      racc (~> 1.4)
    nokogiri (1.18.2-x86_64-darwin)
      racc (~> 1.4)
    nokogiri (1.18.2-x86_64-linux-gnu)
      racc (~> 1.4)
    nokogiri (1.18.2-x86_64-linux-musl)
      racc (~> 1.4)
    ostruct (0.6.1)
    pry (0.15.2)
      coderay (~> 1.1)
      method_source (~> 1.0)
    public_suffix (6.0.1)
    racc (1.8.1)
    rack (3.1.8)
    rack-cors (2.0.2)
      rack (>= 2.0.0)
    rack-protection (4.1.1)
      base64 (>= 0.1.0)
      logger (>= 1.6.0)
      rack (>= 3.0.0, < 4)
    rack-session (2.1.0)
      base64 (>= 0.1.0)
      rack (>= 3.0.0)
    rackup (2.2.1)
      rack (>= 3)
    rake (13.2.1)
    ruby2_keywords (0.0.5)
    rubyntlm (0.6.5)
      base64
    sinatra (4.1.1)
      logger (>= 1.6.0)
      mustermann (~> 3.0)
      rack (>= 3.0.0, < 4)
      rack-protection (= 4.1.1)
      rack-session (>= 2.0.0, < 3)
      tilt (~> 2.0)
    thor (1.3.2)
    tilt (2.6.0)
    timeout (0.4.3)
    webrick (1.9.1)
    webrobots (0.1.2)

PLATFORMS
  aarch64-linux-gnu
  aarch64-linux-musl
  arm-linux-gnu
  arm-linux-musl
  arm64-darwin
  x86_64-darwin
  x86_64-linux-gnu
  x86_64-linux-musl

DEPENDENCIES
  mechanize (~> 2.14.0)
  ostruct (~> 0.6.1)
  padrino!
  pry (~> 0.15.2)
  rack-cors (~> 2.0.2)
  rake

RUBY VERSION
   ruby 3.4.1p0

BUNDLED WITH
   2.6.3
